GIT
  remote: git://github.com/justinfrench/formtastic.git
  revision: cd6cb88f28ea7444267802ced8e5ec0f5cfd0f90
  ref: cd6cb88f28ea7444267802ced8e5ec0f5cfd0f90
  specs:
    formtastic (2.3.0.rc2)
      actionpack (>= 3.0)

GIT
  remote: git://github.com/scambra/devise_invitable.git
  revision: e555f07ffb1d7751e9f84b3283fc90e1820fb681
  specs:
    devise_invitable (1.3.1)
      actionmailer (>= 3.2.6, < 5)
      devise (>= 3.1.0)

GEM
  remote: https://rubygems.org/
  specs:
    actionmailer (4.0.1)
      actionpack (= 4.0.1)
      mail (~> 2.5.4)
    actionpack (4.0.1)
      activesupport (= 4.0.1)
      builder (~> 3.1.0)
      erubis (~> 2.7.0)
      rack (~> 1.5.2)
      rack-test (~> 0.6.2)
    active_model_serializers (0.8.1)
      activemodel (>= 3.0)
    activemodel (4.0.1)
      activesupport (= 4.0.1)
      builder (~> 3.1.0)
    activerecord (4.0.1)
      activemodel (= 4.0.1)
      activerecord-deprecated_finders (~> 1.0.2)
      activesupport (= 4.0.1)
      arel (~> 4.0.0)
    activerecord-deprecated_finders (1.0.3)
    activesupport (4.0.1)
      i18n (~> 0.6, >= 0.6.4)
      minitest (~> 4.2)
      multi_json (~> 1.3)
      thread_safe (~> 0.1)
      tzinfo (~> 0.3.37)
    arel (4.0.1)
    atomic (1.1.14)
    aws-ses (0.5.0)
      builder
      mail (> 2.2.5)
      mime-types
      xml-simple
    barber (0.4.2)
      ember-source
      execjs
      handlebars-source
    bcrypt-ruby (3.1.2)
    better_errors (1.0.1)
      coderay (>= 1.0.0)
      erubis (>= 2.6.6)
    binding_of_caller (0.7.2)
      debug_inspector (>= 0.0.1)
    bootstrap-sass (2.3.2.2)
      sass (~> 3.2)
    bourbon (3.2.0.beta.1)
      sass (>= 3.3.0.rc.1)
      thor
    builder (3.1.4)
    cancan (1.6.10)
    coderay (1.0.9)
    coffee-rails (4.0.1)
      coffee-script (>= 2.2.0)
      railties (>= 4.0.0, < 5.0)
    coffee-script (2.2.0)
      coffee-script-source
      execjs
    coffee-script-source (1.6.3)
    d3_rails (3.3.9)
      railties (>= 3.1.0)
    dalli (2.6.4)
    database_cleaner (1.1.1)
    debug_inspector (0.0.2)
    debugger-ruby_core_source (1.2.3)
    devise (3.1.1)
      bcrypt-ruby (~> 3.0)
      orm_adapter (~> 0.1)
      railties (>= 3.2.6, < 5)
      thread_safe (~> 0.1)
      warden (~> 1.2.3)
    diff-lcs (1.2.5)
    dotenv (0.9.0)
    dotenv-rails (0.9.0)
      dotenv (= 0.9.0)
    em-websocket (0.5.0)
      eventmachine (>= 0.12.9)
      http_parser.rb (~> 0.5.3)
    ember-data-source (0.14)
      ember-source
    ember-rails (0.14.0)
      active_model_serializers
      barber (>= 0.4.1)
      ember-data-source
      ember-source
      execjs (>= 1.2)
      handlebars-source
      jquery-rails (>= 1.0.17)
      railties (>= 3.1)
    ember-source (1.2.0.beta.3)
      handlebars-source (= 1.0.12)
    erubis (2.7.0)
    eventmachine (1.0.3)
    execjs (2.0.2)
    factory_girl (4.2.0)
      activesupport (>= 3.0.0)
    factory_girl_rails (4.2.1)
      factory_girl (~> 4.2.0)
      railties (>= 3.0.0)
    faraday (0.8.8)
      multipart-post (~> 1.2.0)
    ffi (1.9.3)
    formatador (0.2.4)
    formtastic-bootstrap (2.1.3)
      formtastic (~> 2.2)
    guard (1.8.2)
      formatador (>= 0.2.4)
      listen (>= 1.0.0)
      lumberjack (>= 1.0.2)
      pry (>= 0.9.10)
      thor (>= 0.14.6)
    guard-livereload (1.4.0)
      em-websocket (>= 0.5.0)
      guard (>= 1.8.0)
      multi_json (~> 1.7)
    handlebars-source (1.0.12)
    hike (1.2.3)
    honeybadger (1.9.3)
      faraday (~> 0.7)
      json
    http_parser.rb (0.5.3)
    i18n (0.6.5)
    jbuilder (1.0.2)
      activesupport (>= 3.0.0)
    jquery-rails (3.0.4)
      railties (>= 3.0, < 5.0)
      thor (>= 0.14, < 2.0)
    json (1.8.1)
    listen (1.1.6)
      rb-fsevent (>= 0.9.3)
      rb-inotify (>= 0.9)
      rb-kqueue (>= 0.2)
    lumberjack (1.0.4)
    mail (2.5.4)
      mime-types (~> 1.16)
      treetop (~> 1.4.8)
    method_source (0.8.2)
    mime-types (1.25)
    minitest (4.7.5)
    minuteman (1.0.3)
      redis (~> 3.0.3)
    multi_json (1.8.2)
    multipart-post (1.2.0)
    mysql2 (0.3.14)
    orm_adapter (0.4.0)
    paper_trail (3.0.0.rc1)
      activerecord (>= 3.0, < 5.0)
      activesupport (>= 3.0, < 5.0)
    peek (0.1.7)
      atomic (>= 1.0.0)
      rails (>= 3.0.0)
    peek-gc (0.0.2)
      peek
    peek-git (1.0.2)
      peek
    peek-mysql2 (1.1.0)
      atomic (>= 1.0.0)
      mysql2
      peek
    peek-performance_bar (1.1.3)
      peek (>= 0.1.0)
    peek-rblineprof (0.1.2)
      peek
      rblineprof
    polyglot (0.3.3)
    pry (0.9.12.2)
      coderay (~> 1.0.5)
      method_source (~> 0.8)
      slop (~> 3.4)
    pry-rails (0.3.2)
      pry (>= 0.9.10)
    quiet_assets (1.0.2)
      railties (>= 3.1, < 5.0)
    rack (1.5.2)
    rack-mini-profiler (0.1.31)
      rack (>= 1.1.3)
    rack-test (0.6.2)
      rack (>= 1.0)
    rails (4.0.1)
      actionmailer (= 4.0.1)
      actionpack (= 4.0.1)
      activerecord (= 4.0.1)
      activesupport (= 4.0.1)
      bundler (>= 1.3.0, < 2.0)
      railties (= 4.0.1)
      sprockets-rails (~> 2.0.0)
    railties (4.0.1)
      actionpack (= 4.0.1)
      activesupport (= 4.0.1)
      rake (>= 0.8.7)
      thor (>= 0.18.1, < 2.0)
    rake (10.1.0)
    rb-fsevent (0.9.3)
    rb-inotify (0.9.2)
      ffi (>= 0.5.0)
    rb-kqueue (0.2.0)
      ffi (>= 0.5.0)
    rblineprof (0.3.2)
      debugger-ruby_core_source (~> 1.2)
    rdoc (3.12.2)
      json (~> 1.4)
    redis (3.0.6)
    rspec-core (2.14.7)
    rspec-expectations (2.14.4)
      diff-lcs (>= 1.1.3, < 2.0)
    rspec-mocks (2.14.4)
    rspec-rails (2.14.0)
      actionpack (>= 3.0)
      activesupport (>= 3.0)
      railties (>= 3.0)
      rspec-core (~> 2.14.0)
      rspec-expectations (~> 2.14.0)
      rspec-mocks (~> 2.14.0)
    sass (3.3.0.rc.1)
      listen (~> 1.1.0)
    sass-rails (4.0.1)
      railties (>= 4.0.0, < 5.0)
      sass (>= 3.1.10)
      sprockets-rails (~> 2.0.0)
    sass-rails-source-maps (0.0.1)
      rails
      sass (>= 3.3.0.alpha.88)
      sprockets (>= 2.3.0)
    sdoc (0.3.20)
      json (>= 1.1.3)
      rdoc (~> 3.10)
    slop (3.4.6)
    sprockets (2.10.0)
      hike (~> 1.2)
      multi_json (~> 1.0)
      rack (~> 1.0)
      tilt (~> 1.1, != 1.3.0)
    sprockets-rails (2.0.1)
      actionpack (>= 3.0)
      activesupport (>= 3.0)
      sprockets (~> 2.8)
    thor (0.18.1)
    thread_safe (0.1.3)
      atomic
    tilt (1.4.1)
    treetop (1.4.15)
      polyglot
      polyglot (>= 0.3.1)
    tzinfo (0.3.38)
    uglifier (2.3.1)
      execjs (>= 0.3.0)
      json (>= 1.8.0)
    underscore-rails (1.5.2)
    warden (1.2.3)
      rack (>= 1.0)
    webrick (1.3.1)
    xml-simple (1.1.2)
    zeus (0.13.3)
      method_source (>= 0.6.7)

PLATFORMS
  ruby

DEPENDENCIES
  active_model_serializers
  aws-ses (~> 0.5.0)
  better_errors
  binding_of_caller
  bootstrap-sass (~> 2.3.2.0)
  bourbon (~> 3.2.0.beta.1)
  cancan (~> 1.6.10)
  coffee-rails (~> 4.0.0)
  d3_rails (~> 3.3.7)
  dalli (~> 2.6.4)
  database_cleaner (~> 1.1.1)
  devise (~> 3.1.0)
  devise_invitable!
  dotenv-rails
  ember-rails
  ember-source (= 1.2.0.beta.3)
  factory_girl_rails (~> 4.2.1)
  formtastic!
  formtastic-bootstrap (~> 2.1.3)
  guard
  guard-livereload
  honeybadger
  jbuilder (~> 1.0.1)
  jquery-rails
  minuteman (~> 1.0.3)
  mysql2
  paper_trail (>= 3.0.0.rc1)
  peek (~> 0.1.7)
  peek-gc
  peek-git
  peek-mysql2
  peek-performance_bar
  peek-rblineprof
  pry (~> 0.9.12.2)
  pry-rails
  quiet_assets
  rack-mini-profiler
  rails (~> 4.0.1)
  rspec-rails (~> 2.14.0)
  sass (~> 3.3.0.rc.1)
  sass-rails (~> 4.0.1)
  sass-rails-source-maps
  sdoc
  uglifier (>= 1.3.0)
  underscore-rails
  webrick (= 1.3.1)
  zeus
