GIT
  remote: git://github.com/justinfrench/formtastic.git
  revision: cd6cb88f28ea7444267802ced8e5ec0f5cfd0f90
  ref: cd6cb88f28ea7444267802ced8e5ec0f5cfd0f90
  specs:
    formtastic (2.3.0.rc2)
      actionpack (>= 3.0)

GIT
  remote: git://github.com/peregrinator/jquery-modal-rails.git
  revision: 97bc84d7723d324876971f45f255e066fbb6ad49
  ref: 97bc84d7723d324876971f45f255e066fbb6ad49
  specs:
    jquery-modal-rails (0.0.4)
      jquery-ui-rails
      railties (>= 3.2.0, < 5.0)
      thor (~> 0.14)
      uuidtools

GIT
  remote: git://github.com/scambra/devise_invitable.git
  revision: ab6464fbb7aa8b31b7aae6120932c35ecf5cc22c
  specs:
    devise_invitable (1.3.4)
      actionmailer (>= 3.2.6, < 5)
      devise (>= 3.2.0)

GIT
  remote: git@github.com:elcuervo/minuteman-rails.git
  revision: 473197950a5072fa60bda39f4736098958d7b9ed
  ref: 473197950a5072fa60bda39f4736098958d7b9ed
  specs:
    minuteman-rails (0.1.1)
      minuteman (~> 1.0.3)
      rails (> 3.0)

GEM
  remote: https://rubygems.org/
  specs:
    actionmailer (4.1.3)
      actionpack (= 4.1.3)
      actionview (= 4.1.3)
      mail (~> 2.5.4)
    actionpack (4.1.3)
      actionview (= 4.1.3)
      activesupport (= 4.1.3)
      rack (~> 1.5.2)
      rack-test (~> 0.6.2)
    actionview (4.1.3)
      activesupport (= 4.1.3)
      builder (~> 3.1)
      erubis (~> 2.7.0)
    active_model_serializers (0.8.1)
      activemodel (>= 3.0)
    activemodel (4.1.3)
      activesupport (= 4.1.3)
      builder (~> 3.1)
    activerecord (4.1.3)
      activemodel (= 4.1.3)
      activesupport (= 4.1.3)
      arel (~> 5.0.0)
    activesupport (4.1.3)
      i18n (~> 0.6, >= 0.6.9)
      json (~> 1.7, >= 1.7.7)
      minitest (~> 5.1)
      thread_safe (~> 0.1)
      tzinfo (~> 1.1)
    arel (5.0.1.20140414130214)
    aws-ses (0.5.0)
      builder
      mail (> 2.2.5)
      mime-types
      xml-simple
    barber (0.4.2)
      ember-source
      execjs
      handlebars-source
    bcrypt (3.1.7)
    better_errors (1.1.0)
      coderay (>= 1.0.0)
      erubis (>= 2.6.6)
    binding_of_caller (0.7.2)
      debug_inspector (>= 0.0.1)
    bootstrap-sass (2.3.2.2)
      sass (~> 3.2)
    bourbon (3.1.8)
      sass (>= 3.2.0)
      thor
    builder (3.2.2)
    cancan (1.6.10)
    celluloid (0.15.2)
      timers (~> 1.1.0)
    celluloid-io (0.15.0)
      celluloid (>= 0.15.0)
      nio4r (>= 0.5.0)
    coderay (1.1.0)
    coffee-rails (4.0.1)
      coffee-script (>= 2.2.0)
      railties (>= 4.0.0, < 5.0)
    coffee-script (2.2.0)
      coffee-script-source
      execjs
    coffee-script-source (1.7.0)
    d3_rails (3.3.13)
      railties (>= 3.1.0)
    dalli (2.6.4)
    database_cleaner (1.1.1)
    debug_inspector (0.0.2)
    devise (3.2.4)
      bcrypt (~> 3.0)
      orm_adapter (~> 0.1)
      railties (>= 3.2.6, < 5)
      thread_safe (~> 0.1)
      warden (~> 1.2.3)
    diff-lcs (1.2.5)
    dotenv (0.10.0)
    dotenv-rails (0.10.0)
      dotenv (= 0.10.0)
    em-websocket (0.5.0)
      eventmachine (>= 0.12.9)
      http_parser.rb (~> 0.5.3)
    ember-data-source (0.14)
      ember-source
    ember-rails (0.14.1)
      active_model_serializers
      barber (>= 0.4.1)
      ember-data-source
      ember-source
      execjs (>= 1.2)
      handlebars-source
      jquery-rails (>= 1.0.17)
      railties (>= 3.1)
    ember-source (1.4.0)
      handlebars-source (~> 1.0)
    erubis (2.7.0)
    eventmachine (1.0.3)
    execjs (2.0.2)
    factory_girl (4.2.0)
      activesupport (>= 3.0.0)
    factory_girl_rails (4.2.1)
      factory_girl (~> 4.2.0)
      railties (>= 3.0.0)
    ffi (1.9.3)
    formatador (0.2.4)
    formtastic-bootstrap (2.1.3)
      formtastic (~> 2.2)
    guard (2.5.1)
      formatador (>= 0.2.4)
      listen (~> 2.6)
      lumberjack (~> 1.0)
      pry (>= 0.9.12)
      thor (>= 0.18.1)
    guard-livereload (2.1.1)
      em-websocket (~> 0.5)
      guard (~> 2.0)
      multi_json (~> 1.8)
    handlebars-source (1.3.0)
    hike (1.2.3)
    honeybadger (1.11.2)
      json
    http_parser.rb (0.5.3)
    i18n (0.6.9)
    jbuilder (1.0.2)
      activesupport (>= 3.0.0)
    jquery-rails (3.1.0)
      railties (>= 3.0, < 5.0)
      thor (>= 0.14, < 2.0)
    jquery-ui-rails (4.2.0)
      railties (>= 3.2.16)
    json (1.8.1)
    listen (2.7.1)
      celluloid (>= 0.15.2)
      celluloid-io (>= 0.15.0)
      rb-fsevent (>= 0.9.3)
      rb-inotify (>= 0.9)
    lumberjack (1.0.4)
    mail (2.5.4)
      mime-types (~> 1.16)
      treetop (~> 1.4.8)
    method_source (0.8.2)
    mime-types (1.25.1)
    minitest (5.3.5)
    minuteman (1.0.3)
      redis (~> 3.0.3)
    multi_json (1.10.1)
    mysql2 (0.3.15)
    nio4r (1.0.0)
    orm_adapter (0.5.0)
    paper_trail (3.0.1)
      activerecord (>= 3.0, < 5.0)
      activesupport (>= 3.0, < 5.0)
    polyglot (0.3.5)
    pry (0.10.0)
      coderay (~> 1.1.0)
      method_source (~> 0.8.1)
      slop (~> 3.4)
    pry-rails (0.3.2)
      pry (>= 0.9.10)
    pry-remote (0.1.8)
      pry (~> 0.9)
      slop (~> 3.0)
    quiet_assets (1.0.2)
      railties (>= 3.1, < 5.0)
    rack (1.5.2)
    rack-test (0.6.2)
      rack (>= 1.0)
    rails (4.1.3)
      actionmailer (= 4.1.3)
      actionpack (= 4.1.3)
      actionview (= 4.1.3)
      activemodel (= 4.1.3)
      activerecord (= 4.1.3)
      activesupport (= 4.1.3)
      bundler (>= 1.3.0, < 2.0)
      railties (= 4.1.3)
      sprockets-rails (~> 2.0)
    railties (4.1.3)
      actionpack (= 4.1.3)
      activesupport (= 4.1.3)
      rake (>= 0.8.7)
      thor (>= 0.18.1, < 2.0)
    rake (10.3.2)
    rb-fsevent (0.9.4)
    rb-inotify (0.9.3)
      ffi (>= 0.5.0)
    rdoc (4.1.1)
      json (~> 1.4)
    redis (3.0.7)
    redis-namespace (1.4.1)
      redis (~> 3.0.4)
    rspec-core (2.14.8)
    rspec-expectations (2.14.5)
      diff-lcs (>= 1.1.3, < 2.0)
    rspec-mocks (2.14.6)
    rspec-rails (2.14.1)
      actionpack (>= 3.0)
      activemodel (>= 3.0)
      activesupport (>= 3.0)
      railties (>= 3.0)
      rspec-core (~> 2.14.0)
      rspec-expectations (~> 2.14.0)
      rspec-mocks (~> 2.14.0)
    sass (3.2.15)
    sass-rails (4.0.2)
      railties (>= 4.0.0, < 5.0)
      sass (~> 3.2.0)
      sprockets (~> 2.8, <= 2.11.0)
      sprockets-rails (~> 2.0.0)
    sdoc (0.4.0)
      json (~> 1.8)
      rdoc (~> 4.0, < 5.0)
    slop (3.5.0)
    sprockets (2.11.0)
      hike (~> 1.2)
      multi_json (~> 1.0)
      rack (~> 1.0)
      tilt (~> 1.1, != 1.3.0)
    sprockets-rails (2.0.1)
      actionpack (>= 3.0)
      activesupport (>= 3.0)
      sprockets (~> 2.8)
    thor (0.19.1)
    thread_safe (0.3.4)
    tilt (1.4.1)
    timers (1.1.0)
    treetop (1.4.15)
      polyglot
      polyglot (>= 0.3.1)
    tzinfo (1.2.1)
      thread_safe (~> 0.1)
    uglifier (2.5.0)
      execjs (>= 0.3.0)
      json (>= 1.8.0)
    underscore-rails (1.6.0)
    uuidtools (2.1.4)
    warden (1.2.3)
      rack (>= 1.0)
    webrick (1.3.1)
    xml-simple (1.1.3)

PLATFORMS
  ruby

DEPENDENCIES
  active_model_serializers
  aws-ses (~> 0.5.0)
  better_errors
  binding_of_caller
  bootstrap-sass (~> 2.3.2.0)
  bourbon (~> 3.1.8)
  cancan (~> 1.6.10)
  coffee-rails (~> 4.0.0)
  d3_rails (~> 3.3.7)
  dalli (~> 2.6.4)
  database_cleaner (~> 1.1.1)
  devise (~> 3.2.4)
  devise_invitable!
  dotenv-rails
  ember-rails
  ember-source (= 1.4.0)
  factory_girl_rails (~> 4.2.1)
  formtastic!
  formtastic-bootstrap (~> 2.1.3)
  guard
  guard-livereload
  honeybadger
  jbuilder (~> 1.0.1)
  jquery-modal-rails!
  jquery-rails
  minuteman (~> 1.0.3)
  minuteman-rails!
  mysql2
  paper_trail (>= 3.0.0.rc1)
  pry (~> 0.10.0)
  pry-rails
  pry-remote
  quiet_assets
  rails (~> 4.1.3)
  redis (~> 3.0.7)
  redis-namespace (~> 1.4.1)
  rspec-rails (~> 2.14.0)
  sass (~> 3.2.15)
  sass-rails (~> 4.0.2)
  sdoc
  uglifier (>= 1.3.0)
  underscore-rails
  webrick (= 1.3.1)
